GIT
  remote: git://github.com/gkellogg/sxp-ruby.git
  revision: 8458dbf53a84612579bee9f435415e6ec0ef1694
  branch: gkellogg-master
  specs:
    sxp (0.1.0)
      json (>= 1.5.1)

PATH
  remote: .
  specs:
    sparql (0.3.0)
      builder (>= 3.0.0)
      json (>= 1.5.1)
      rdf (>= 0.3.5)
      rdf-xsd (>= 0.3.5)
      sparql-client (>= 0.1.0)
      sxp (>= 0.0.14)

GEM
  remote: http://rubygems.org/
  specs:
    addressable (2.2.8)
    backports (2.6.1)
    builder (3.0.0)
    diff-lcs (1.1.3)
    equivalent-xml (0.2.9)
      nokogiri (>= 1.4.3)
    haml (3.1.6)
    htmlentities (4.3.1)
    json (1.7.3)
    json (1.7.3-java)
    json-ld (0.1.4)
      backports
      json (>= 1.6.5)
      rdf (>= 0.3.5)
    json_pure (1.7.3)
    linkeddata (0.3.5)
      json-ld (>= 0.1.0)
      rdf (>= 0.3.5)
      rdf-isomorphic (>= 0.3.4)
      rdf-json (>= 0.3.0)
      rdf-microdata (>= 0.2.3)
      rdf-n3 (>= 0.3.6)
      rdf-rdfa (>= 0.3.9)
      rdf-rdfxml (>= 0.3.5)
      rdf-trig (>= 0.1.1)
      rdf-trix (>= 0.3.0)
      rdf-turtle (>= 0.1.1)
    net-http-persistent (2.7)
    nokogiri (1.5.5)
    nokogiri (1.5.5-java)
    open-uri-cached (0.0.5)
    promise (0.3.0)
    rack (1.4.1)
    rack-protection (1.2.0)
      rack
    rack-test (0.6.1)
      rack (>= 1.0)
    rdf (0.3.7)
      addressable (>= 2.2.6)
    rdf-isomorphic (0.3.4)
      rdf (>= 0.2.3)
    rdf-json (0.3.0)
      json_pure (>= 1.4.2)
      rdf (~> 0.3.0)
    rdf-microdata (0.2.4)
      htmlentities (>= 4.3.0)
      json (>= 1.6.1)
      rdf (>= 0.3.4)
      rdf-xsd (>= 0.3.4)
    rdf-n3 (0.3.7)
      rdf (>= 0.3.4)
    rdf-rdfa (0.3.14)
      haml (>= 3.1.6)
      htmlentities (>= 4.3.0)
      rdf (>= 0.3.5)
      rdf-xsd (>= 0.3.7)
    rdf-rdfxml (0.3.8)
      rdf (>= 0.3.4)
      rdf-xsd (>= 0.3.5)
    rdf-spec (0.3.5.1)
      rspec (>= 2.8.0)
    rdf-trig (0.1.3)
      rdf (>= 0.3.4)
      rdf-turtle (>= 0.1.1)
    rdf-trix (0.3.0)
      rdf (~> 0.3.0)
    rdf-turtle (0.1.2)
      rdf (>= 0.3.4)
    rdf-xsd (0.3.7)
      backports
      nokogiri (>= 1.5.0)
      rdf (>= 0.3.4)
    rspec (2.10.0)
      rspec-core (~> 2.10.0)
      rspec-expectations (~> 2.10.0)
      rspec-mocks (~> 2.10.0)
    rspec-core (2.10.1)
    rspec-expectations (2.10.0)
      diff-lcs (~> 1.1.3)
    rspec-mocks (2.10.1)
    shotgun (0.9)
      rack (>= 1.0)
    sinatra (1.3.2)
      rack (~> 1.3, >= 1.3.6)
      rack-protection (~> 1.2)
      tilt (~> 1.3, >= 1.3.3)
    sparql-client (0.1.1.1)
      json_pure (>= 1.6.5)
      net-http-persistent (>= 1.4.1)
      rdf (>= 0.3.5)
    spira (0.0.12)
      promise (>= 0.3.0)
      rdf (>= 0.2.3)
      rdf-isomorphic (>= 0.3.0)
    tilt (1.3.3)
    wirble (0.1.3)
    yard (0.8.2.1)

PLATFORMS
  java
  ruby

DEPENDENCIES
  equivalent-xml (>= 0.2.8)
  linkeddata (>= 0.3.5)
  nokogiri (>= 1.5.0)
  open-uri-cached (>= 0.0.4)
  rack (>= 1.4.1)
  rack-test (>= 0.6.1)
  rdf-spec (>= 0.3.5)
  rspec (>= 2.10.0)
  shotgun
  sinatra (>= 1.3.2)
  sparql!
  spira (>= 0.0.12)
  sxp!
  wirble
  yard (>= 0.8.2)
