GIT
  remote: git://github.com/ruby-rdf/rdf-spec.git
  revision: a096cd9525b8db453db4efa01cd73af3981d051c
  specs:
    rdf-spec (1.0.0)
      rspec (>= 2.12)

GIT
  remote: git://github.com/ruby-rdf/rdf-xsd.git
  revision: 66a3e90f1f15db9c8620f4f87c1d74be3b224ea8
  specs:
    rdf-xsd (1.0.0)
      nokogiri (>= 1.5.0)
      rdf (>= 0.3.4)

GIT
  remote: git://github.com/ruby-rdf/rdf.git
  revision: 31b6934f127c6175ef709e243ae5cfec5bdab544
  specs:
    rdf (1.0.0)
      addressable (>= 2.2)

PATH
  remote: .
  specs:
    sparql (1.0.0)
      builder (>= 3.0)
      json (>= 1.7)
      rdf (>= 1.0)
      rdf-xsd (>= 1.0)
      sparql-client (>= 1.0)
      sxp

GEM
  remote: http://rubygems.org/
  specs:
    addressable (2.3.2)
    backports (2.7.0)
    builder (3.1.4)
    diff-lcs (1.1.3)
    equivalent-xml (0.3.0)
      nokogiri (>= 1.4.3)
    haml (3.1.7)
    htmlentities (4.3.1)
    json (1.7.6)
    json-ld (0.3.2)
      backports
      json (>= 1.7.5)
      rdf (>= 0.3.11)
    json_pure (1.7.6)
    linkeddata (0.3.5)
      json-ld (>= 0.1.0)
      rdf (>= 0.3.5)
      rdf-isomorphic (>= 0.3.4)
      rdf-json (>= 0.3.0)
      rdf-microdata (>= 0.2.3)
      rdf-n3 (>= 0.3.6)
      rdf-rdfa (>= 0.3.9)
      rdf-rdfxml (>= 0.3.5)
      rdf-trig (>= 0.1.1)
      rdf-trix (>= 0.3.0)
      rdf-turtle (>= 0.1.1)
    net-http-persistent (2.8)
    nokogiri (1.5.6)
    open-uri-cached (0.0.5)
    promise (0.3.0)
    rack (1.4.4)
    rack-protection (1.3.2)
      rack
    rack-test (0.6.2)
      rack (>= 1.0)
    rdf-isomorphic (0.3.4)
      rdf (>= 0.2.3)
    rdf-json (1.0.0)
      json_pure (>= 1.4)
      rdf (>= 1.0)
    rdf-microdata (0.3.0)
      htmlentities (>= 4.3.0)
      json (>= 1.6.1)
      rdf (>= 0.3.4)
      rdf-xsd (>= 0.3.4)
    rdf-n3 (0.3.8)
      rdf (>= 0.3.11)
    rdf-rdfa (0.3.19.1)
      haml (>= 3.1.7)
      htmlentities (>= 4.3.1)
      rdf (>= 0.3.11)
      rdf-xsd (>= 0.3.8)
    rdf-rdfxml (0.3.9)
      rdf (>= 0.3.11)
      rdf-xsd (>= 0.3.8)
    rdf-trig (0.1.4)
      rdf (>= 0.3.9)
      rdf-turtle (>= 0.3.0)
    rdf-trix (1.0.0)
      rdf (>= 1.0)
    rdf-turtle (0.3.2)
      rdf (>= 0.3.11)
    rspec (2.12.0)
      rspec-core (~> 2.12.0)
      rspec-expectations (~> 2.12.0)
      rspec-mocks (~> 2.12.0)
    rspec-core (2.12.2)
    rspec-expectations (2.12.1)
      diff-lcs (~> 1.1.3)
    rspec-mocks (2.12.1)
    shotgun (0.9)
      rack (>= 1.0)
    sinatra (1.3.3)
      rack (~> 1.3, >= 1.3.6)
      rack-protection (~> 1.2)
      tilt (~> 1.3, >= 1.3.3)
    sparql-client (1.0.0)
      json_pure (>= 1.4)
      net-http-persistent (>= 1.4)
      rdf (>= 1.0)
    spira (0.0.12)
      promise (>= 0.3.0)
      rdf (>= 0.2.3)
      rdf-isomorphic (>= 0.3.0)
    sxp (0.1.0)
      json (>= 1.4.6)
    tilt (1.3.3)
    wirble (0.1.3)
    yard (0.8.3)

PLATFORMS
  ruby

DEPENDENCIES
  equivalent-xml
  linkeddata
  nokogiri (>= 1.5.0)
  open-uri-cached (>= 0.0.5)
  rack (>= 1.4.4)
  rack-test (>= 0.6.2)
  rdf!
  rdf-spec!
  rdf-xsd!
  rspec (>= 2.12.0)
  shotgun
  sinatra (>= 1.3.3)
  sparql!
  spira
  wirble
  yard (>= 0.8.3)
