PATH
  remote: .
  specs:
    sparql (0.0.2)
      builder (>= 3.0.0)
      json (>= 1.5.1)
      rdf (>= 0.3.4)
      rdf-xsd (>= 0.3.4)
      sparql-client (>= 0.0.9)
      sxp (>= 0.0.14)

GEM
  remote: http://rubygems.org/
  specs:
    addressable (2.2.6)
    builder (3.0.0)
    diff-lcs (1.1.3)
    facets (2.9.2)
    haml (3.1.3)
    json (1.6.1)
    json (1.6.1-java)
    json-ld (0.0.8)
      json (>= 1.5.1)
      rdf (>= 0.3.4)
    json_pure (1.6.1)
    linkeddata (0.3.4)
      json-ld (>= 0.0.7)
      rdf (>= 0.3.4)
      rdf-isomorphic (>= 0.3.4)
      rdf-json (>= 0.3.0)
      rdf-microdata (>= 0.2.2)
      rdf-n3 (>= 0.3.6)
      rdf-rdfa (>= 0.3.7)
      rdf-rdfxml (>= 0.3.5)
      rdf-trix (>= 0.3.0)
      rdf-turtle (>= 0.1.0)
    nokogiri (1.5.0)
    nokogiri (1.5.0-java)
    open-uri-cached (0.0.4)
    promise (0.3.0)
    rdf (0.3.4.1)
      addressable (>= 2.2.6)
    rdf-isomorphic (0.3.4)
      rdf (>= 0.2.3)
    rdf-json (0.3.0)
      json_pure (>= 1.4.2)
      rdf (~> 0.3.0)
    rdf-microdata (0.2.2)
      nokogiri (>= 1.4.4)
      rdf (>= 0.3.4)
    rdf-n3 (0.3.6)
      rdf (>= 0.3.4)
    rdf-rdfa (0.3.7)
      facets (>= 2.9.1)
      haml (>= 3.0.0)
      nokogiri (>= 1.4.4)
      rdf (>= 0.3.3)
    rdf-rdfxml (0.3.5)
      nokogiri (>= 1.4.4)
      rdf (>= 0.3.4)
    rdf-trix (0.3.0)
      rdf (~> 0.3.0)
    rdf-turtle (0.1.0)
      rdf (>= 0.3.4)
    rdf-xsd (0.3.4)
      rdf (>= 0.3.4)
    rspec (2.6.0)
      rspec-core (~> 2.6.0)
      rspec-expectations (~> 2.6.0)
      rspec-mocks (~> 2.6.0)
    rspec-core (2.6.4)
    rspec-expectations (2.6.0)
      diff-lcs (~> 1.1.2)
    rspec-mocks (2.6.0)
    sparql-client (0.0.9)
      json_pure (>= 1.4.2)
      rdf (~> 0.3.0)
    spira (0.0.12)
      promise (>= 0.3.0)
      rdf (>= 0.2.3)
      rdf-isomorphic (>= 0.3.0)
    sxp (0.0.14)
      json (>= 1.5.1)
    yard (0.7.2)

PLATFORMS
  java
  ruby

DEPENDENCIES
  linkeddata (>= 0.3.4)
  nokogiri (>= 1.4.4)
  open-uri-cached (>= 0.0.4)
  rspec (>= 2.5.0)
  sparql!
  spira (>= 0.0.12)
  yard (>= 0.6.0)
